GEM
  remote: https://rubygems.org/
  specs:
    actioncable (7.1.3)
      actionpack (= 7.1.3)
      activesupport (= 7.1.3)
      nio4r (~> 2.0)
      websocket-driver (>= 0.6.1)
      zeitwerk (~> 2.6)
    actionmailbox (7.1.3)
      actionpack (= 7.1.3)
      activejob (= 7.1.3)
      activerecord (= 7.1.3)
      activestorage (= 7.1.3)
      activesupport (= 7.1.3)
      mail (>= 2.7.1)
      net-imap
      net-pop
      net-smtp
    actionmailer (7.1.3)
      actionpack (= 7.1.3)
      actionview (= 7.1.3)
      activejob (= 7.1.3)
      activesupport (= 7.1.3)
      mail (~> 2.5, >= 2.5.4)
      net-imap
      net-pop
      net-smtp
      rails-dom-testing (~> 2.2)
    actionpack (7.1.3)
      actionview (= 7.1.3)
      activesupport (= 7.1.3)
      nokogiri (>= 1.8.5)
      racc
      rack (>= 2.2.4)
      rack-session (>= 1.0.1)
      rack-test (>= 0.6.3)
      rails-dom-testing (~> 2.2)
      rails-html-sanitizer (~> 1.6)
    actiontext (7.1.3)
      actionpack (= 7.1.3)
      activerecord (= 7.1.3)
      activestorage (= 7.1.3)
      activesupport (= 7.1.3)
      globalid (>= 0.6.0)
      nokogiri (>= 1.8.5)
    actionview (7.1.3)
      activesupport (= 7.1.3)
      builder (~> 3.1)
      erubi (~> 1.11)
      rails-dom-testing (~> 2.2)
      rails-html-sanitizer (~> 1.6)
    activejob (7.1.3)
      activesupport (= 7.1.3)
      globalid (>= 0.3.6)
    activemodel (7.1.3)
      activesupport (= 7.1.3)
    activerecord (7.1.3)
      activemodel (= 7.1.3)
      activesupport (= 7.1.3)
      timeout (>= 0.4.0)
    activestorage (7.1.3)
      actionpack (= 7.1.3)
      activejob (= 7.1.3)
      activerecord (= 7.1.3)
      activesupport (= 7.1.3)
      marcel (~> 1.0)
    activesupport (7.1.3)
      base64
      bigdecimal
      concurrent-ruby (~> 1.0, >= 1.0.2)
      connection_pool (>= 2.2.5)
      drb
      i18n (>= 1.6, < 2)
      minitest (>= 5.1)
      mutex_m
      tzinfo (~> 2.0)
    addressable (2.8.6)
      public_suffix (>= 2.0.2, < 6.0)
    ast (2.4.2)
    aws-eventstream (1.3.0)
    aws-partitions (1.873.0)
    aws-sdk-core (3.190.1)
      aws-eventstream (~> 1, >= 1.3.0)
      aws-partitions (~> 1, >= 1.651.0)
      aws-sigv4 (~> 1.8)
      jmespath (~> 1, >= 1.6.1)
    aws-sdk-kms (1.75.0)
      aws-sdk-core (~> 3, >= 3.188.0)
      aws-sigv4 (~> 1.1)
    aws-sdk-s3 (1.142.0)
      aws-sdk-core (~> 3, >= 3.189.0)
      aws-sdk-kms (~> 1)
      aws-sigv4 (~> 1.8)
    aws-sigv4 (1.8.0)
      aws-eventstream (~> 1, >= 1.0.2)
    base64 (0.2.0)
    better_html (2.0.2)
      actionview (>= 6.0)
      activesupport (>= 6.0)
      ast (~> 2.0)
      erubi (~> 1.4)
      parser (>= 2.4)
      smart_properties
    bigdecimal (3.1.4)
    bootsnap (1.17.0)
      msgpack (~> 1.2)
    builder (3.2.4)
    capybara (3.40.0)
      addressable
      matrix
      mini_mime (>= 0.1.3)
      nokogiri (~> 1.11)
      rack (>= 1.6.0)
      rack-test (>= 0.6.3)
      regexp_parser (>= 1.5, < 3.0)
      xpath (~> 3.2)
    childprocess (5.0.0)
    concurrent-ruby (1.2.2)
    connection_pool (2.4.1)
    crack (1.0.0)
      bigdecimal
      rexml
    crass (1.0.6)
    cuprite (0.15)
      capybara (~> 3.0)
      ferrum (~> 0.14.0)
    date (3.3.4)
    dotenv (3.0.0.beta)
    dotenv-rails (3.0.0.beta)
      dotenv (= 3.0.0.beta)
      railties (>= 6.1)
    drb (2.2.0)
      ruby2_keywords
    erb_lint (0.5.0)
      activesupport
      better_html (>= 2.0.1)
      parser (>= 2.7.1.4)
      rainbow
      rubocop
      smart_properties
    erubi (1.12.0)
    et-orbi (1.2.11)
      tzinfo
    factory_bot (6.4.5)
      activesupport (>= 5.0.0)
    factory_bot_rails (6.4.3)
      factory_bot (~> 6.4)
      railties (>= 5.0.0)
    faker (3.2.3)
      i18n (>= 1.8.11, < 2)
    faraday (2.9.0)
      faraday-net_http (>= 2.0, < 3.2)
    faraday-multipart (1.0.4)
      multipart-post (~> 2)
    faraday-net_http (3.1.0)
      net-http
    ferrum (0.14)
      addressable (~> 2.5)
      concurrent-ruby (~> 1.1)
      webrick (~> 1.7)
      websocket-driver (>= 0.6, < 0.8)
    flipper (1.2.2)
      concurrent-ruby (< 2)
    flipper-active_record (1.2.2)
      activerecord (>= 4.2, < 8)
      flipper (~> 1.2.2)
    flipper-active_support_cache_store (1.2.2)
      activesupport (>= 4.2, < 8)
      flipper (~> 1.2.2)
    flipper-ui (1.2.2)
      erubi (>= 1.0.0, < 2.0.0)
      flipper (~> 1.2.2)
      rack (>= 1.4, < 4)
      rack-protection (>= 1.5.3, <= 4.0.0)
      sanitize (< 7)
    fugit (1.11.0)
      et-orbi (~> 1, >= 1.2.11)
      raabro (~> 1.4)
    globalid (1.2.1)
      activesupport (>= 6.1)
    hashdiff (1.1.0)
    hashie (5.0.0)
    i18n (1.14.1)
      concurrent-ruby (~> 1.0)
    importmap-rails (1.2.3)
      actionpack (>= 6.0.0)
      activesupport (>= 6.0.0)
      railties (>= 6.0.0)
    iniparse (1.5.0)
    io-console (0.6.0)
    irb (1.9.1)
      rdoc
      reline (>= 0.3.8)
    jmespath (1.6.2)
    json (2.7.1)
    jwt (2.8.0)
      base64
    kaminari (1.2.2)
      activesupport (>= 4.1.0)
      kaminari-actionview (= 1.2.2)
      kaminari-activerecord (= 1.2.2)
      kaminari-core (= 1.2.2)
    kaminari-actionview (1.2.2)
      actionview
      kaminari-core (= 1.2.2)
    kaminari-activerecord (1.2.2)
      activerecord
      kaminari-core (= 1.2.2)
    kaminari-core (1.2.2)
    language_server-protocol (3.17.0.3)
    launchy (3.0.1)
      addressable (~> 2.8)
      childprocess (~> 5.0)
    letter_opener (1.10.0)
      launchy (>= 2.2, < 4)
    loofah (2.22.0)
      crass (~> 1.0.2)
      nokogiri (>= 1.12.0)
    mail (2.8.1)
      mini_mime (>= 0.1.1)
      net-imap
      net-pop
      net-smtp
    marcel (1.0.2)
    matrix (0.4.2)
    mini_mime (1.1.5)
    minitest (5.22.2)
    minitest-spec-rails (7.2.0)
      minitest (>= 5.0)
      railties (>= 4.1)
    mocha (2.1.0)
      ruby2_keywords (>= 0.0.5)
    msgpack (1.7.2)
    multi_xml (0.6.0)
    multipart-post (2.4.1)
    mutex_m (0.2.0)
    net-http (0.4.1)
      uri
    net-imap (0.4.10)
      date
      net-protocol
    net-pop (0.1.2)
      net-protocol
    net-protocol (0.2.2)
      timeout
    net-smtp (0.4.0.1)
      net-protocol
    newrelic_rpm (9.7.1)
    nio4r (2.6.1)
    nokogiri (1.15.5-x86_64-darwin)
      racc (~> 1.4)
    nokogiri (1.15.5-x86_64-linux)
      racc (~> 1.4)
    oauth2 (2.0.9)
      faraday (>= 0.17.3, < 3.0)
      jwt (>= 1.0, < 3.0)
      multi_xml (~> 0.5)
      rack (>= 1.2, < 4)
      snaky_hash (~> 2.0)
      version_gem (~> 1.1)
    omniauth (2.1.2)
      hashie (>= 3.4.6)
      rack (>= 2.2.3)
      rack-protection
    omniauth-google-oauth2 (1.1.1)
      jwt (>= 2.0)
      oauth2 (~> 2.0.6)
      omniauth (~> 2.0)
      omniauth-oauth2 (~> 1.8.0)
    omniauth-oauth2 (1.8.0)
      oauth2 (>= 1.4, < 3)
      omniauth (~> 2.0)
    omniauth-rails_csrf_protection (1.0.1)
      actionpack (>= 4.2)
      omniauth (~> 2.0)
    overcommit (0.62.0)
      childprocess (>= 0.6.3, < 6)
      iniparse (~> 1.4)
      rexml (~> 3.2)
    parallel (1.24.0)
    parser (3.3.0.5)
      ast (~> 2.4.1)
      racc
    pg (1.5.4)
    psych (5.1.1.1)
      stringio
    public_suffix (5.0.5)
    puma (6.4.0)
      nio4r (~> 2.0)
    raabro (1.4.0)
    racc (1.7.3)
    rack (3.0.8)
    rack-protection (4.0.0)
      base64 (>= 0.1.0)
      rack (>= 3.0.0, < 4)
    rack-session (2.0.0)
      rack (>= 3.0.0)
    rack-test (2.1.0)
      rack (>= 1.3)
    rackup (2.1.0)
      rack (>= 3)
      webrick (~> 1.8)
    rails (7.1.3)
      actioncable (= 7.1.3)
      actionmailbox (= 7.1.3)
      actionmailer (= 7.1.3)
      actionpack (= 7.1.3)
      actiontext (= 7.1.3)
      actionview (= 7.1.3)
      activejob (= 7.1.3)
      activemodel (= 7.1.3)
      activerecord (= 7.1.3)
      activestorage (= 7.1.3)
      activesupport (= 7.1.3)
      bundler (>= 1.15.0)
      railties (= 7.1.3)
    rails-dom-testing (2.2.0)
      activesupport (>= 5.0.0)
      minitest
      nokogiri (>= 1.6)
    rails-html-sanitizer (1.6.0)
      loofah (~> 2.21)
      nokogiri (~> 1.14)
    railties (7.1.3)
      actionpack (= 7.1.3)
      activesupport (= 7.1.3)
      irb
      rackup (>= 1.0.0)
      rake (>= 12.2)
      thor (~> 1.0, >= 1.2.2)
      zeitwerk (~> 2.6)
    rainbow (3.1.1)
    rake (13.1.0)
    rdoc (6.6.0)
      psych (>= 4.0.0)
    redis-client (0.22.1)
      connection_pool
    regexp_parser (2.9.0)
    reline (0.4.1)
      io-console (~> 0.5)
    rexml (3.2.6)
    rubocop (1.60.2)
      json (~> 2.3)
      language_server-protocol (>= 3.17.0)
      parallel (~> 1.10)
      parser (>= 3.3.0.2)
      rainbow (>= 2.2.2, < 4.0)
      regexp_parser (>= 1.8, < 3.0)
      rexml (>= 3.2.5, < 4.0)
      rubocop-ast (>= 1.30.0, < 2.0)
      ruby-progressbar (~> 1.7)
      unicode-display_width (>= 2.4.0, < 3.0)
    rubocop-ast (1.30.0)
      parser (>= 3.2.1.0)
    rubocop-performance (1.20.2)
      rubocop (>= 1.48.1, < 2.0)
      rubocop-ast (>= 1.30.0, < 2.0)
    rubocop-rails (2.23.1)
      activesupport (>= 4.2.0)
      rack (>= 1.1)
      rubocop (>= 1.33.0, < 2.0)
      rubocop-ast (>= 1.30.0, < 2.0)
    ruby-progressbar (1.13.0)
    ruby2_keywords (0.0.5)
    sanitize (6.1.0)
      crass (~> 1.0.2)
      nokogiri (>= 1.12.0)
    sentry-rails (5.16.1)
      railties (>= 5.0)
      sentry-ruby (~> 5.16.1)
    sentry-ruby (5.16.1)
      concurrent-ruby (~> 1.0, >= 1.0.2)
    service_actor (3.7.0)
      zeitwerk
    shoulda (4.0.0)
      shoulda-context (~> 2.0)
      shoulda-matchers (~> 4.0)
    shoulda-context (2.0.0)
    shoulda-matchers (4.5.1)
      activesupport (>= 4.2.0)
    sidekiq (7.2.4)
      concurrent-ruby (< 2)
      connection_pool (>= 2.3.0)
      rack (>= 2.2.4)
      redis-client (>= 0.19.0)
    sidekiq-cron (1.12.0)
      fugit (~> 1.8)
      globalid (>= 1.0.1)
      sidekiq (>= 6)
    simpleconfig (2.0.1)
    smart_properties (1.17.0)
    snaky_hash (2.0.1)
      hashie
      version_gem (~> 1.1, >= 1.1.1)
    sprockets (4.2.1)
      concurrent-ruby (~> 1.0)
      rack (>= 2.2.4, < 4)
    sprockets-rails (3.4.2)
      actionpack (>= 5.2)
      activesupport (>= 5.2)
      sprockets (>= 3.0.0)
    stimulus-rails (1.3.0)
      railties (>= 6.0.0)
    stringio (3.1.0)
    tailwindcss-rails (2.0.32-x86_64-darwin)
      railties (>= 6.0.0)
    tailwindcss-rails (2.0.32-x86_64-linux)
      railties (>= 6.0.0)
    thor (1.3.0)
    timecop (0.9.8)
    timeout (0.4.1)
    turbo-rails (1.5.0)
      actionpack (>= 6.0.0)
      activejob (>= 6.0.0)
      railties (>= 6.0.0)
    tzinfo (2.0.6)
      concurrent-ruby (~> 1.0)
    unicode-display_width (2.5.0)
    uri (0.13.0)
    version_gem (1.1.3)
    webmock (3.23.0)
      addressable (>= 2.8.0)
      crack (>= 0.3.2)
      hashdiff (>= 0.4.0, < 2.0.0)
    webrick (1.8.1)
    websocket-driver (0.7.6)
      websocket-extensions (>= 0.1.0)
    websocket-extensions (0.1.5)
    xpath (3.2.0)
      nokogiri (~> 1.8)
    zeitwerk (2.6.12)

PLATFORMS
  x86_64-darwin-19
  x86_64-linux

DEPENDENCIES
  aws-sdk-s3
  bootsnap
  capybara
  cuprite
  dotenv-rails (= 3.0.0.beta)
  erb_lint
  factory_bot_rails (~> 6.4, >= 6.4.3)
  faker (~> 3.2, >= 3.2.3)
  faraday (~> 2.9)
  faraday-multipart (~> 1.0, >= 1.0.4)
  flipper
  flipper-active_record
  flipper-active_support_cache_store
  flipper-ui
  importmap-rails
  kaminari
  letter_opener
  minitest (~> 5.22, >= 5.22.2)
  minitest-spec-rails
  mocha (~> 2.1)
  newrelic_rpm
  nokogiri
  omniauth-google-oauth2
  omniauth-rails_csrf_protection
  overcommit
  pg (~> 1.1)
  puma (>= 5.0)
  rails (~> 7.1.3)
  rubocop
  rubocop-performance
  rubocop-rails
  sentry-rails
  sentry-ruby
  service_actor (~> 3.7)
  shoulda (~> 4.0)
  sidekiq
  sidekiq-cron
  simpleconfig (~> 2.0, >= 2.0.1)
  sprockets-rails
  stimulus-rails
  tailwindcss-rails
  timecop
  turbo-rails
  webmock

RUBY VERSION
   ruby 3.2.2p53

BUNDLED WITH
   2.4.22
